GEM
  remote: http://rubygems.org/
  specs:

PLATFORMS
  ruby

DEPENDENCIES
  rails (= 3.1.12)
  unicode_utils
